PATH
  remote: .
  specs:
    itamae-plugin-recipe-elixir (0.1.0)
      itamae (~> 1.2)

GEM
  remote: https://rubygems.org/
  specs:
    ansi (1.5.0)
    diff-lcs (1.3)
    hashie (3.5.6)
    itamae (1.9.11)
      ansi
      hashie
      schash (~> 0.1.0)
      specinfra (>= 2.64.0, < 3.0.0)
      thor
    net-scp (1.2.1)
      net-ssh (>= 2.6.5)
    net-ssh (4.1.0)
    net-telnet (0.1.1)
    rake (10.5.0)
    rspec (3.6.0)
      rspec-core (~> 3.6.0)
      rspec-expectations (~> 3.6.0)
      rspec-mocks (~> 3.6.0)
    rspec-core (3.6.0)
      rspec-support (~> 3.6.0)
    rspec-expectations (3.6.0)
      diff-lcs (>= 1.2.0, < 2.0)
      rspec-support (~> 3.6.0)
    rspec-mocks (3.6.0)
      diff-lcs (>= 1.2.0, < 2.0)
      rspec-support (~> 3.6.0)
    rspec-support (3.6.0)
    schash (0.1.2)
    sfl (2.3)
    specinfra (2.70.1)
      net-scp
      net-ssh (>= 2.7, < 5.0)
      net-telnet
      sfl
    thor (0.20.0)

PLATFORMS
  ruby

DEPENDENCIES
  bundler (~> 1.15)
  itamae-plugin-recipe-elixir!
  rake (~> 10.0)
  rspec (~> 3.0)

BUNDLED WITH
   1.15.4
